PATH
  remote: .
  specs:
    jirawatch (0.1.0)
      dry-cli
      jira-ruby

GEM
  remote: https://rubygems.org/
  specs:
    activesupport (6.0.2.1)
      concurrent-ruby (~> 1.0, >= 1.0.2)
      i18n (>= 0.7, < 2)
      minitest (~> 5.1)
      tzinfo (~> 1.1)
      zeitwerk (~> 2.2)
    atlassian-jwt (0.2.0)
      jwt (~> 2.1.0)
    concurrent-ruby (1.1.6)
    dry-cli (0.5.1)
      concurrent-ruby (~> 1.0)
    i18n (1.8.2)
      concurrent-ruby (~> 1.0)
    jira-ruby (1.7.1)
      activesupport
      atlassian-jwt
      multipart-post
      oauth (~> 0.5, >= 0.5.0)
    jwt (2.1.0)
    minitest (5.14.0)
    multipart-post (2.1.1)
    oauth (0.5.4)
    thread_safe (0.3.6)
    tzinfo (1.2.6)
      thread_safe (~> 0.1)
    zeitwerk (2.2.2)

PLATFORMS
  ruby

DEPENDENCIES
  jirawatch!

BUNDLED WITH
   2.1.4
